GEM
  remote: https://rubygems.org/
  specs:
    bundler-unload (1.0.2)
    coderay (1.1.3)
    daemons (1.3.1)
    date (3.0.1)
    did_you_mean (1.4.0)
    etc (1.1.0)
    eventmachine (1.2.7)
    executable-hooks (1.6.0)
    fileutils (1.4.1)
    forwardable (1.3.1)
    ipaddr (1.2.2)
    method_source (1.0.0)
    mustermann (1.1.1)
      ruby2_keywords (~> 0.0.1)
    openssl (2.2.0)
    pry (0.13.1)
      coderay (~> 1.1)
      method_source (~> 1.0)
    rack (2.2.3)
    rack-protection (2.0.8.1)
      rack
    rake (13.0.1)
    require_all (3.0.0)
    ruby2_keywords (0.0.2)
    rubygems-bundler (1.4.5)
      bundler-unload (>= 1.0.2)
      executable-hooks (>= 1.5.0)
    shotgun (0.9.2)
      rack (>= 1.0)
    sinatra (2.0.8.1)
      mustermann (~> 1.0)
      rack (~> 2.0)
      rack-protection (= 2.0.8.1)
      tilt (~> 2.0)
    stringio (0.1.3)
    strscan (1.0.3)
    thin (1.7.2)
      daemons (~> 1.0, >= 1.0.9)
      eventmachine (~> 1.0, >= 1.0.4)
      rack (>= 1, < 3)
    tilt (2.0.10)
    zlib (1.1.0)

PLATFORMS
  ruby

DEPENDENCIES
  bundler-unload
  date
  did_you_mean
  etc
  executable-hooks
  fileutils
  forwardable
  ipaddr
  openssl
  pry
  rake
  require_all
  rubygems-bundler
  shotgun
  sinatra
  stringio
  strscan
  thin
  zlib

BUNDLED WITH
   1.10.6
